PATH
  remote: .
  specs:
    ecocash (1.2.1)
      httparty (>= 0.16.2, < 0.22.0)

GEM
  remote: https://rubygems.org/
  specs:
    httparty (0.21.0)
      mini_mime (>= 1.0.0)
      multi_xml (>= 0.5.2)
    mini_mime (1.1.2)
    minitest (5.11.3)
    multi_xml (0.6.0)
    rake (13.0.1)

PLATFORMS
  ruby

DEPENDENCIES
  bundler (~> 1.16)
  ecocash!
  minitest (~> 5.0)
  rake (~> 13.0)

BUNDLED WITH
   1.17.3
